GEM
  remote: http://rubygems.org/
  specs:
    coderay (1.1.3)
    deep_clone (0.0.1)
    diff-lcs (1.5.1)
    method_source (1.0.0)
    pry (0.14.2)
      coderay (~> 1.1)
      method_source (~> 1.0)
    rspec (3.13.0)
      rspec-core (~> 3.13.0)
      rspec-expectations (~> 3.13.0)
      rspec-mocks (~> 3.13.0)
    rspec-core (3.13.0)
      rspec-support (~> 3.13.0)
    rspec-expectations (3.13.0)
      diff-lcs (>= 1.2.0, < 2.0)
      rspec-support (~> 3.13.0)
    rspec-mocks (3.13.0)
      diff-lcs (>= 1.2.0, < 2.0)
      rspec-support (~> 3.13.0)
    rspec-support (3.13.1)
    ruby_grammar_builder (1.1.12)
      deep_clone (~> 0.0.1, >= 0.0.1)
    thread_order (1.1.1)

PLATFORMS
  ruby

DEPENDENCIES
  bundler
  deep_clone
  pry (~> 0.14.2)
  rspec (~> 3.13)
  ruby_grammar_builder (= 1.1.12)
  thread_order (~> 1.1)

BUNDLED WITH
   2.3.9
